PATH
  remote: .
  specs:
    yaso (1.3.2)

GEM
  remote: https://rubygems.org/
  specs:
    ast (2.4.2)
    coderay (1.1.3)
    diff-lcs (1.5.0)
    docile (1.4.0)
    ffaker (2.21.0)
    lefthook (1.0.5)
    method_source (1.0.0)
    parallel (1.22.1)
    parser (3.2.2.0)
      ast (~> 2.4.1)
    pry (0.14.2)
      coderay (~> 1.1)
      method_source (~> 1.0)
    rainbow (3.1.1)
    rake (13.0.6)
    regexp_parser (2.7.0)
    rexml (3.2.5)
    rspec (3.11.0)
      rspec-core (~> 3.11.0)
      rspec-expectations (~> 3.11.0)
      rspec-mocks (~> 3.11.0)
    rspec-core (3.11.0)
      rspec-support (~> 3.11.0)
    rspec-expectations (3.11.1)
      diff-lcs (>= 1.2.0, < 2.0)
      rspec-support (~> 3.11.0)
    rspec-mocks (3.11.2)
      diff-lcs (>= 1.2.0, < 2.0)
      rspec-support (~> 3.11.0)
    rspec-support (3.11.1)
    rubocop (1.28.2)
      parallel (~> 1.10)
      parser (>= 3.1.0.0)
      rainbow (>= 2.2.2, < 4.0)
      regexp_parser (>= 1.8, < 3.0)
      rexml
      rubocop-ast (>= 1.17.0, < 2.0)
      ruby-progressbar (~> 1.7)
      unicode-display_width (>= 1.4.0, < 3.0)
    rubocop-ast (1.17.0)
      parser (>= 3.1.1.0)
    rubocop-performance (1.13.3)
      rubocop (>= 1.7.0, < 2.0)
      rubocop-ast (>= 0.4.0)
    rubocop-rspec (2.10.0)
      rubocop (~> 1.19)
    ruby-progressbar (1.13.0)
    simplecov (0.21.2)
      docile (~> 1.1)
      simplecov-html (~> 0.11)
      simplecov_json_formatter (~> 0.1)
    simplecov-html (0.12.3)
    simplecov_json_formatter (0.1.4)
    unicode-display_width (2.4.2)

PLATFORMS
  x86_64-darwin-22
  x86_64-linux

DEPENDENCIES
  ffaker (~> 2.21.0)
  lefthook (~> 1.0.5)
  pry (~> 0.14.1)
  rake (~> 13.0.6)
  rspec (~> 3.11.0)
  rubocop (>= 1.28.2, < 1.29.0)
  rubocop-ast (>= 1.17.0, < 1.18.0)
  rubocop-performance (>= 1.13.3, < 1.14.0)
  rubocop-rspec (>= 2.10.0, < 2.11.0)
  simplecov (~> 0.21.2)
  yaso!

BUNDLED WITH
   2.4.10
